PATH
  remote: .
  specs:
    tournament-system (2.1.0)
      graph_matching (~> 0.1.1)

GEM
  remote: https://rubygems.org/
  specs:
    ast (2.4.2)
    diff-lcs (1.4.4)
    docile (1.4.0)
    generator (0.0.1)
    graph_matching (0.1.1)
      rgl (~> 0.5.0)
    kwalify (0.7.2)
    lazy_priority_queue (0.1.1)
    parallel (1.20.1)
    parser (3.0.2.0)
      ast (~> 2.4.1)
    psych (4.0.1)
    rainbow (3.0.0)
    rake (13.0.6)
    reek (6.0.5)
      kwalify (~> 0.7.0)
      parser (~> 3.0.0)
      psych (>= 3.1, < 5.0)
      rainbow (>= 2.0, < 4.0)
    regexp_parser (2.1.1)
    rexml (3.2.5)
    rgl (0.5.7)
      lazy_priority_queue (~> 0.1.0)
      stream (~> 0.5.3)
    rspec (3.10.0)
      rspec-core (~> 3.10.0)
      rspec-expectations (~> 3.10.0)
      rspec-mocks (~> 3.10.0)
    rspec-core (3.10.1)
      rspec-support (~> 3.10.0)
    rspec-expectations (3.10.1)
      diff-lcs (>= 1.2.0, < 2.0)
      rspec-support (~> 3.10.0)
    rspec-mocks (3.10.2)
      diff-lcs (>= 1.2.0, < 2.0)
      rspec-support (~> 3.10.0)
    rspec-support (3.10.2)
    rubocop (1.18.4)
      parallel (~> 1.10)
      parser (>= 3.0.0.0)
      rainbow (>= 2.2.2, < 4.0)
      regexp_parser (>= 1.8, < 3.0)
      rexml
      rubocop-ast (>= 1.8.0, < 2.0)
      ruby-progressbar (~> 1.7)
      unicode-display_width (>= 1.4.0, < 3.0)
    rubocop-ast (1.8.0)
      parser (>= 3.0.1.1)
    ruby-progressbar (1.11.0)
    simplecov (0.21.2)
      docile (~> 1.1)
      simplecov-html (~> 0.11)
      simplecov_json_formatter (~> 0.1)
    simplecov-html (0.12.3)
    simplecov_json_formatter (0.1.3)
    stream (0.5.3)
      generator
    unicode-display_width (2.0.0)

PLATFORMS
  x86_64-darwin-19
  x86_64-darwin-20
  x86_64-linux

DEPENDENCIES
  bundler (~> 2.0)
  rake
  reek
  rspec
  rubocop
  simplecov
  tournament-system!

BUNDLED WITH
   2.2.25
